GEM
  remote: http://rubygems.org/
  specs:
    jenkins-plugin-runtime (0.2.1)
      json
      slop (~> 3.0.2)
    jenkins-war (1.447)
    jpi (0.3.5)
      bundler (~> 1.1.0)
      jenkins-plugin-runtime (~> 0.2.0)
      jenkins-war (>= 1.427)
      rubyzip
      thor
    json (1.6.6-java)
    rack (1.4.1)
    rack-protection (1.2.0)
      rack
    rjack-slf4j (1.6.4.0-java)
    rubyzip (0.9.7)
    sinatra (1.3.2)
      rack (~> 1.3, >= 1.3.6)
      rack-protection (~> 1.2)
      tilt (~> 1.3, >= 1.3.3)
    slf4j (1.6-java)
      rjack-slf4j (~> 1.6.1)
    slop (3.0.4)
    thor (0.14.6)
    tilt (1.3.3)

PLATFORMS
  java

DEPENDENCIES
  jenkins-plugin-runtime (= 0.2.1)
  jpi
  sinatra (= 1.3.2)
  slf4j
